GEM
  remote: https://rubygems.org/
  specs:
    mysql (2.9.1)

PLATFORMS
  ruby

DEPENDENCIES
  mysql (~> 2.9.1)

BUNDLED WITH
   1.10.0.pre.2
